GEM
  remote: http://rubygems.org/
  specs:
    activesupport (2.3.8)
    addressable (2.2.0)
    data_objects (0.10.2)
      addressable (~> 2.1)
    dm-core (1.0.0)
      addressable (~> 2.1)
      extlib (~> 0.9.15)
    dm-do-adapter (1.0.0)
      data_objects (~> 0.10.1)
      dm-core (~> 1.0.0)
    dm-migrations (1.0.0)
      dm-core (~> 1.0.0)
    dm-sqlite-adapter (1.0.0)
      dm-do-adapter (~> 1.0.0)
      do_sqlite3 (~> 0.10.2)
    dm-timestamps (1.0.0)
      dm-core (~> 1.0.0)
    dm-validations (1.0.0)
      dm-core (~> 1.0.0)
    do_sqlite3 (0.10.2)
      data_objects (= 0.10.2)
    extlib (0.9.15)
    haml (3.0.16)
    mailfactory (1.4.0)
      mime-types (>= 1.13.1)
    mime-types (1.16)
    rack (1.2.1)
    rack-flash (0.1.1)
      rack
    sinatra (1.0)
      rack (>= 1.0)

PLATFORMS
  ruby

DEPENDENCIES
  activesupport
  dm-core (= 1.0.0)
  dm-migrations (= 1.0.0)
  dm-sqlite-adapter (= 1.0.0)
  dm-timestamps (= 1.0.0)
  dm-validations (= 1.0.0)
  haml
  mailfactory
  rack-flash
  sinatra
